GEM
  remote: https://rubygems.org/
  specs:
    activesupport (6.1.7.1)
      concurrent-ruby (~> 1.0, >= 1.0.2)
      i18n (>= 1.6, < 2)
      minitest (>= 5.1)
      tzinfo (~> 2.0)
      zeitwerk (~> 2.3)
    backports (3.11.3)
    concurrent-ruby (1.1.10)
    daemons (1.2.6)
    eventmachine (1.2.7)
    foreman (0.85.0)
      thor (~> 0.19.1)
    gabba (1.0.1)
    i18n (1.12.0)
      concurrent-ruby (~> 1.0)
    minitest (5.15.0)
    multi_json (1.13.1)
    mustermann (1.0.2)
    newrelic_rpm (5.3.0.346)
    rack (2.0.8)
    rack-protection (2.0.3)
      rack
    rmagick (2.16.0)
    sinatra (2.0.3)
      mustermann (~> 1.0)
      rack (~> 2.0)
      rack-protection (= 2.0.3)
      tilt (~> 2.0)
    sinatra-contrib (2.0.3)
      activesupport (>= 4.0.0)
      backports (>= 2.8.2)
      multi_json
      mustermann (~> 1.0)
      rack-protection (= 2.0.3)
      sinatra (= 2.0.3)
      tilt (>= 1.3, < 3)
    thin (1.7.2)
      daemons (~> 1.0, >= 1.0.9)
      eventmachine (~> 1.0, >= 1.0.4)
      rack (>= 1, < 3)
    thor (0.19.4)
    tilt (2.0.8)
    tzinfo (2.0.5)
      concurrent-ruby (~> 1.0)
    zeitwerk (2.6.6)

PLATFORMS
  ruby

DEPENDENCIES
  foreman
  gabba
  newrelic_rpm
  rack (>= 2.0.6)
  rmagick
  sinatra
  sinatra-contrib
  thin

RUBY VERSION
   ruby 2.5.1p57

BUNDLED WITH
   1.16.3
